GEM
  remote: https://rubygems.org/
  specs:
    bigdecimal (3.1.8)
    blueprinter (1.1.2)
    commonmarker (1.1.5-x86_64-linux)
    concurrent-ruby (1.3.4)
    debug (1.9.2)
      irb (~> 1.10)
      reline (>= 0.3.8)
    dry-configurable (1.2.0)
      dry-core (~> 1.0, < 2)
      zeitwerk (~> 2.6)
    dry-core (1.0.1)
      concurrent-ruby (~> 1.0)
      zeitwerk (~> 2.6)
    dry-inflector (1.1.0)
    dry-initializer (3.1.1)
    dry-logic (1.5.0)
      concurrent-ruby (~> 1.0)
      dry-core (~> 1.0, < 2)
      zeitwerk (~> 2.6)
    dry-schema (1.13.4)
      concurrent-ruby (~> 1.0)
      dry-configurable (~> 1.0, >= 1.0.1)
      dry-core (~> 1.0, < 2)
      dry-initializer (~> 3.0)
      dry-logic (>= 1.4, < 2)
      dry-types (>= 1.7, < 2)
      zeitwerk (~> 2.6)
    dry-types (1.7.2)
      bigdecimal (~> 3.0)
      concurrent-ruby (~> 1.0)
      dry-core (~> 1.0)
      dry-inflector (~> 1.0)
      dry-logic (~> 1.4)
      zeitwerk (~> 2.6)
    dry-validation (1.10.0)
      concurrent-ruby (~> 1.0)
      dry-core (~> 1.0, < 2)
      dry-initializer (~> 3.0)
      dry-schema (>= 1.12, < 2)
      zeitwerk (~> 2.6)
    front_matter_parser (1.0.1)
    github-markup (5.0.1)
    io-console (0.7.2)
    irb (1.14.1)
      rdoc (>= 4.0.0)
      reline (>= 0.4.2)
    nio4r (2.7.3)
    psych (5.1.2)
      stringio
    puma (6.4.3)
      nio4r (~> 2.0)
    rack (3.1.7)
    rdoc (6.7.0)
      psych (>= 4.0.0)
    reline (0.5.10)
      io-console (~> 0.5)
    roda (3.85.0)
      rack
    sequel (5.85.0)
      bigdecimal
    slim (5.2.1)
      temple (~> 0.10.0)
      tilt (>= 2.1.0)
    sqlite3 (2.1.0-x86_64-linux-musl)
    stringio (3.1.1)
    temple (0.10.3)
    tilt (2.4.0)
    zeitwerk (2.7.0)

PLATFORMS
  x86_64-linux

DEPENDENCIES
  blueprinter
  commonmarker
  debug
  dry-validation
  front_matter_parser
  github-markup
  puma
  roda
  sequel
  slim
  sqlite3

BUNDLED WITH
   2.5.3
